GIT
  remote: git@github.com:wearefuturegov/capistrano-futuregov.git
  revision: 18147cad2e3fbc16a546fd52d3056a1788c04c60
  specs:
    capistrano-futuregov (0.0.1)
      capistrano (= 3.4.1)
      capistrano-deploytags
      capistrano-maintenance
      capistrano-passenger
      capistrano-pending
      capistrano-rails
      capistrano-rails-console
      capistrano-rbenv
      slackistrano
      sshkit (>= 1.4)

GIT
  remote: https://github.com/wearefuturegov/geff.git
  revision: dbf2863e54833560751e788f90d7f5b5b7b3c143
  specs:
    geff (0.1.0)
      bourbon
      font-awesome-rails
      mountain_view (~> 0.12)
      neat

GIT
  remote: https://github.com/wearefuturegov/rails_service_check
  revision: 678f75d650978dc43e1217c084151154bcc9859b
  specs:
    rails_service_check (0.1.0)

GEM
  remote: https://rubygems.org/
  specs:
    actioncable (5.2.1.1)
      actionpack (= 5.2.1.1)
      nio4r (~> 2.0)
      websocket-driver (>= 0.6.1)
    actionmailer (5.2.1.1)
      actionpack (= 5.2.1.1)
      actionview (= 5.2.1.1)
      activejob (= 5.2.1.1)
      mail (~> 2.5, >= 2.5.4)
      rails-dom-testing (~> 2.0)
    actionpack (5.2.1.1)
      actionview (= 5.2.1.1)
      activesupport (= 5.2.1.1)
      rack (~> 2.0)
      rack-test (>= 0.6.3)
      rails-dom-testing (~> 2.0)
      rails-html-sanitizer (~> 1.0, >= 1.0.2)
    actionview (5.2.1.1)
      activesupport (= 5.2.1.1)
      builder (~> 3.1)
      erubi (~> 1.4)
      rails-dom-testing (~> 2.0)
      rails-html-sanitizer (~> 1.0, >= 1.0.3)
    activejob (5.2.1.1)
      activesupport (= 5.2.1.1)
      globalid (>= 0.3.6)
    activemodel (5.2.1.1)
      activesupport (= 5.2.1.1)
    activerecord (5.2.1.1)
      activemodel (= 5.2.1.1)
      activesupport (= 5.2.1.1)
      arel (>= 9.0)
    activestorage (5.2.1.1)
      actionpack (= 5.2.1.1)
      activerecord (= 5.2.1.1)
      marcel (~> 0.3.1)
    activesupport (5.2.1.1)
      concurrent-ruby (~> 1.0, >= 1.0.2)
      i18n (>= 0.7, < 2)
      minitest (~> 5.1)
      tzinfo (~> 1.1)
    appsignal (2.10.4)
      rack
    arel (9.0.0)
    ast (2.4.0)
    aws-partitions (1.82.0)
    aws-sdk-core (3.20.2)
      aws-partitions (~> 1.0)
      aws-sigv4 (~> 1.0)
      jmespath (~> 1.0)
    aws-sdk-kms (1.5.0)
      aws-sdk-core (~> 3)
      aws-sigv4 (~> 1.0)
    aws-sdk-s3 (1.9.1)
      aws-sdk-core (~> 3)
      aws-sdk-kms (~> 1)
      aws-sigv4 (~> 1.0)
    aws-sigv4 (1.0.2)
    bcrypt (3.1.11)
    better_errors (2.4.0)
      coderay (>= 1.0.0)
      erubi (>= 1.0.0)
      rack (>= 0.9.0)
    binding_of_caller (0.8.0)
      debug_inspector (>= 0.0.1)
    bourbon (5.0.0)
      sass (~> 3.4)
      thor (~> 0.19)
    brakeman (4.2.1)
    builder (3.2.3)
    bullet (5.7.5)
      activesupport (>= 3.0.0)
      uniform_notifier (~> 1.11.0)
    byebug (10.0.2)
    capistrano (3.4.1)
      i18n
      rake (>= 10.0.0)
      sshkit (~> 1.3)
    capistrano-bundler (1.3.0)
      capistrano (~> 3.1)
      sshkit (~> 1.2)
    capistrano-deploytags (1.0.6)
      capistrano (>= 3.2.0)
    capistrano-maintenance (1.2.0)
      capistrano (>= 3.0)
    capistrano-passenger (0.2.0)
      capistrano (~> 3.0)
    capistrano-pending (0.2.0)
      capistrano (>= 3.2.0)
    capistrano-rails (1.3.1)
      capistrano (~> 3.1)
      capistrano-bundler (~> 1.1)
    capistrano-rails-console (1.0.2)
      capistrano (>= 3.1.0, < 4.0.0)
    capistrano-rbenv (2.1.3)
      capistrano (~> 3.1)
      sshkit (~> 1.3)
    climate_control (0.2.0)
    coderay (1.1.2)
    concurrent-ruby (1.1.3)
    crass (1.0.4)
    debug_inspector (0.0.3)
    decent_exposure (3.0.2)
      activesupport (>= 4.0)
    devise (4.4.3)
      bcrypt (~> 3.0)
      orm_adapter (~> 0.1)
      railties (>= 4.1.0, < 6.0)
      responders
      warden (~> 1.2.3)
    dotenv (2.4.0)
    dotenv-rails (2.4.0)
      dotenv (= 2.4.0)
      railties (>= 3.2, < 6.0)
    erubi (1.7.1)
    erubis (2.7.0)
    execjs (2.7.0)
    ffaker (2.9.0)
    ffi (1.9.25)
    font-awesome-rails (4.7.0.4)
      railties (>= 3.2, < 6.0)
    globalid (0.4.1)
      activesupport (>= 4.2.0)
    haml (5.0.4)
      temple (>= 0.8.0)
      tilt
    haml-rails (1.0.0)
      actionpack (>= 4.0.1)
      activesupport (>= 4.0.1)
      haml (>= 4.0.6, < 6.0)
      html2haml (>= 1.0.1)
      railties (>= 4.0.1)
    html2haml (2.2.0)
      erubis (~> 2.7.0)
      haml (>= 4.0, < 6)
      nokogiri (>= 1.6.0)
      ruby_parser (~> 3.5)
    i18n (1.1.1)
      concurrent-ruby (~> 1.0)
    jmespath (1.4.0)
    jquery-rails (4.3.3)
      rails-dom-testing (>= 1, < 3)
      railties (>= 4.2.0)
      thor (>= 0.14, < 2.0)
    json (2.1.0)
    loofah (2.2.3)
      crass (~> 1.0.2)
      nokogiri (>= 1.5.9)
    mail (2.7.1)
      mini_mime (>= 0.1.1)
    marcel (0.3.3)
      mimemagic (~> 0.3.2)
    method_source (0.9.2)
    mime-types (3.1)
      mime-types-data (~> 3.2015)
    mime-types-data (3.2016.0521)
    mimemagic (0.3.2)
    mini_mime (1.0.1)
    mini_portile2 (2.3.0)
    minitest (5.11.3)
    mountain_view (0.13.0)
      rails (>= 3.2.0)
    mustermann (1.0.2)
    neat (2.1.0)
      sass (~> 3.4)
      thor (~> 0.19)
    net-scp (1.2.1)
      net-ssh (>= 2.6.5)
    net-ssh (4.2.0)
    nio4r (2.3.1)
    nokogiri (1.8.5)
      mini_portile2 (~> 2.3.0)
    orm_adapter (0.5.0)
    paperclip (6.0.0)
      activemodel (>= 4.2.0)
      activesupport (>= 4.2.0)
      mime-types
      mimemagic (~> 0.3.0)
      terrapin (~> 0.6.0)
    parallel (1.12.1)
    paranoia (2.4.1)
      activerecord (>= 4.0, < 5.3)
    parser (2.5.1.0)
      ast (~> 2.4.0)
    pg (0.21.0)
    powerpack (0.1.1)
    puma (3.11.4)
    rack (2.2.2)
    rack-protection (2.0.2)
      rack
    rack-test (1.1.0)
      rack (>= 1.0, < 3)
    rails (5.2.1.1)
      actioncable (= 5.2.1.1)
      actionmailer (= 5.2.1.1)
      actionpack (= 5.2.1.1)
      actionview (= 5.2.1.1)
      activejob (= 5.2.1.1)
      activemodel (= 5.2.1.1)
      activerecord (= 5.2.1.1)
      activestorage (= 5.2.1.1)
      activesupport (= 5.2.1.1)
      bundler (>= 1.3.0)
      railties (= 5.2.1.1)
      sprockets-rails (>= 2.0.0)
    rails-dom-testing (2.0.3)
      activesupport (>= 4.2.0)
      nokogiri (>= 1.6)
    rails-html-sanitizer (1.0.4)
      loofah (~> 2.2, >= 2.2.2)
    rails_12factor (0.0.3)
      rails_serve_static_assets
      rails_stdout_logging
    rails_serve_static_assets (0.0.5)
    rails_stdout_logging (0.0.5)
    railties (5.2.1.1)
      actionpack (= 5.2.1.1)
      activesupport (= 5.2.1.1)
      method_source
      rake (>= 0.8.7)
      thor (>= 0.19.0, < 2.0)
    rainbow (3.0.0)
    rake (12.3.1)
    rb-fsevent (0.10.3)
    rb-inotify (0.9.10)
      ffi (>= 0.5.0, < 2)
    responders (2.4.0)
      actionpack (>= 4.2.0, < 5.3)
      railties (>= 4.2.0, < 5.3)
    rubocop (0.55.0)
      parallel (~> 1.10)
      parser (>= 2.5)
      powerpack (~> 0.1)
      rainbow (>= 2.2.2, < 4.0)
      ruby-progressbar (~> 1.7)
      unicode-display_width (~> 1.0, >= 1.0.1)
    ruby-progressbar (1.9.0)
    ruby_http_client (3.3.0)
    ruby_parser (3.10.1)
      sexp_processor (~> 4.9)
    sass (3.5.6)
      sass-listen (~> 4.0.0)
    sass-listen (4.0.0)
      rb-fsevent (~> 0.9, >= 0.9.4)
      rb-inotify (~> 0.9, >= 0.9.7)
    sass-rails (5.0.7)
      railties (>= 4.0.0, < 6)
      sass (~> 3.1)
      sprockets (>= 2.8, < 4.0)
      sprockets-rails (>= 2.0, < 4.0)
      tilt (>= 1.1, < 3)
    sendgrid-ruby (5.2.0)
      ruby_http_client (~> 3.2)
      sinatra (>= 1.4.7, < 3)
    sexp_processor (4.10.0)
    simple_form (4.0.0)
      actionpack (> 4)
      activemodel (> 4)
    sinatra (2.0.2)
      mustermann (~> 1.0)
      rack (~> 2.0)
      rack-protection (= 2.0.2)
      tilt (~> 2.0)
    slackistrano (2.0.1)
      capistrano (>= 3.0.1)
      json
    sprockets (3.7.2)
      concurrent-ruby (~> 1.0)
      rack (> 1, < 3)
    sprockets-rails (3.2.1)
      actionpack (>= 4.0)
      activesupport (>= 4.0)
      sprockets (>= 3.0.0)
    sshkit (1.16.0)
      net-scp (>= 1.1.2)
      net-ssh (>= 2.8.0)
    temple (0.8.0)
    terrapin (0.6.0)
      climate_control (>= 0.0.3, < 1.0)
    thor (0.20.3)
    thread_safe (0.3.6)
    tilt (2.0.8)
    tzinfo (1.2.5)
      thread_safe (~> 0.1)
    uglifier (4.1.10)
      execjs (>= 0.3.0, < 3)
    unicode-display_width (1.3.2)
    uniform_notifier (1.11.0)
    warden (1.2.7)
      rack (>= 1.0)
    websocket-driver (0.7.0)
      websocket-extensions (>= 0.1.0)
    websocket-extensions (0.1.3)
    wicked_pdf (1.1.0)
    wkhtmltopdf-binary (0.12.3.1)

PLATFORMS
  ruby

DEPENDENCIES
  appsignal
  aws-sdk-s3
  better_errors
  binding_of_caller
  brakeman
  bullet
  byebug
  capistrano-futuregov!
  decent_exposure
  devise
  dotenv-rails
  ffaker
  geff!
  haml-rails
  jquery-rails
  paperclip
  paranoia
  pg
  puma
  rails (~> 5.2)
  rails_12factor
  rails_service_check!
  rubocop
  sass-rails
  sendgrid-ruby
  simple_form
  uglifier
  wicked_pdf
  wkhtmltopdf-binary

RUBY VERSION
   ruby 2.4.2p198

BUNDLED WITH
   1.16.1
